GEM
  remote: https://rubygems.org/
  specs:
    coderay (1.1.0)
    curses (1.0.1)
    method_source (0.8.2)
    polyglot (0.3.5)
    pry (0.10.3)
      coderay (~> 1.1.0)
      method_source (~> 0.8.1)
      slop (~> 3.4)
    slop (3.6.0)
    treetop (1.6.3)
      polyglot (~> 0.3)

PLATFORMS
  ruby

DEPENDENCIES
  curses
  pry
  treetop
